GEM
  remote: https://rubygems.org/
  specs:
    minitest (5.14.1)

PLATFORMS
  ruby

DEPENDENCIES
  minitest

BUNDLED WITH
   2.1.2
