GEM
  remote: https://rubygems.org/
  specs:
    diff-lcs (1.4.4)
    json (2.3.1)
    rack (2.2.3)
    rack-multipart_related (1.0.0)
      json (>= 1.0)
      rack (>= 1.0)
    rspec (3.9.0)
      rspec-core (~> 3.9.0)
      rspec-expectations (~> 3.9.0)
      rspec-mocks (~> 3.9.0)
    rspec-core (3.9.2)
      rspec-support (~> 3.9.3)
    rspec-expectations (3.9.2)
      diff-lcs (>= 1.2.0, < 2.0)
      rspec-support (~> 3.9.0)
    rspec-mocks (3.9.1)
      diff-lcs (>= 1.2.0, < 2.0)
      rspec-support (~> 3.9.0)
    rspec-support (3.9.3)

PLATFORMS
  ruby

DEPENDENCIES
  rack
  rack-multipart_related
  rspec

BUNDLED WITH
   2.1.2
